GEM
  remote: https://rubygems.org/
  specs:
    semver2 (3.4.2)

PLATFORMS
  ruby

DEPENDENCIES
  semver2
